PATH
  remote: .
  specs:
    combat_sports (0.1.0)

GEM
  remote: https://rubygems.org/
  specs:
    pry (0.14.1)
    rake (13.0.6)
    


PLATFORMS
  x86_64-linux

DEPENDENCIES
  combat_sports!
  rake (~> 13.0)
  nokogiri
  pry
  rspec

BUNDLED WITH
   2.3.5
